GEM
  remote: http://rubygems.org/
  specs:
    ansi (1.5.0)
    awesome_print (1.8.0)
    builder (3.2.4)
    csv (3.1.2)
    minitest (5.14.0)
    minitest-reporters (1.4.2)
      ansi
      builder
      minitest (>= 5.0)
      ruby-progressbar
    minitest-skip (0.0.1)
      minitest (~> 5.0)
    rake (13.0.1)
    ruby-progressbar (1.10.1)

PLATFORMS
  ruby

DEPENDENCIES
  awesome_print
  csv
  minitest
  minitest-reporters
  minitest-skip
  rake

RUBY VERSION
   ruby 2.6.5p114

BUNDLED WITH
   2.1.4
